GEM
  remote: https://rubygems.org/
  specs:
    ethon (0.12.0)
      ffi (>= 1.3.0)
    ffi (1.12.2)
    json (2.3.0)
    openapi_client (1.0.0)
      json (~> 2.1, >= 2.1.0)
      typhoeus (~> 1.0, >= 1.0.1)
    typhoeus (1.3.1)
      ethon (>= 0.9.0)

PLATFORMS
  ruby

DEPENDENCIES
  openapi_client

BUNDLED WITH
   2.1.4
